GEM
  remote: https://rubygems.org/
  specs:
    figaro (1.2.0)
      thor (>= 0.14.0, < 2)
    httparty (0.21.0)
      mini_mime (>= 1.0.0)
      multi_xml (>= 0.5.2)
    json (2.6.2)
    mini_mime (1.1.2)
    multi_xml (0.6.0)
    net-http (0.2.2)
      uri
    thor (1.2.1)
    uri (0.11.0)

PLATFORMS
  x86_64-linux

DEPENDENCIES
  figaro
  httparty
  json
  net-http
  uri

RUBY VERSION
   ruby 3.1.1p18

BUNDLED WITH
   2.3.9
