GEM
  remote: https://rubygems.org/
  specs:
    figaro (1.2.0)
      thor (>= 0.14.0, < 2)
    httparty (0.20.0)
      mime-types (~> 3.0)
      multi_xml (>= 0.5.2)
    json (2.6.2)
    mime-types (3.4.1)
      mime-types-data (~> 3.2015)
    mime-types-data (3.2022.0105)
    multi_xml (0.6.0)
    net-http (0.2.2)
      uri
    thor (1.2.1)
    uri (0.11.1)

PLATFORMS
  x86_64-linux

DEPENDENCIES
  figaro
  httparty
  json
  net-http
  uri

RUBY VERSION
   ruby 3.1.1p18

BUNDLED WITH
   2.3.9
